GEM
  remote: https://rubygems.org/
  specs:
    activesupport (4.2.5.1)
      i18n (~> 0.7)
      json (~> 1.7, >= 1.7.7)
      minitest (~> 5.1)
      thread_safe (~> 0.3, >= 0.3.4)
      tzinfo (~> 1.1)
    cloudmunch_sdk (1.0.0)
      json
      logger
    docile (1.1.5)
    httmultiparty (0.3.16)
      httparty (>= 0.7.3)
      mimemagic
      multipart-post
    httparty (0.13.7)
      json (~> 1.8)
      multi_xml (>= 0.5.2)
    i18n (0.7.0)
    json (1.8.3)
    logger (1.2.8)
    mimemagic (0.3.1)
    minitest (5.8.4)
    multi_xml (0.5.5)
    multipart-post (2.0.0)
    power_assert (0.2.7)
    rake (10.5.0)
    simplecov (0.11.1)
      docile (~> 1.1.0)
      json (~> 1.8)
      simplecov-html (~> 0.10.0)
    simplecov-html (0.10.0)
    slack_chatter (0.9.2)
      activesupport
      httmultiparty
      json (>= 1.7.7)
      rake
    test-unit (3.1.7)
      power_assert
    thread_safe (0.3.5)
    tzinfo (1.2.2)
      thread_safe (~> 0.1)

PLATFORMS
  ruby

DEPENDENCIES
  cloudmunch_sdk (= 1.0.0)
  simplecov
  slack_chatter (= 0.9.2)
  test-unit

BUNDLED WITH
   1.11.2
